GEM
  remote: https://rubygems.org/
  specs:
    faraday (1.0.0)
      multipart-post (>= 1.2, < 3)
    faraday_middleware (1.0.0)
      faraday (~> 1.0)
    hashie (3.6.0)
    json (2.3.1)
    multipart-post (2.1.1)
    redis (4.2.1)
    restforce (3.2.0)
      faraday (>= 0.9.0, <= 1.0)
      faraday_middleware (>= 0.8.8, <= 1.0)
      hashie (>= 1.2.0, < 4.0)
      json (>= 1.7.5)

PLATFORMS
  ruby

DEPENDENCIES
  redis (~> 4.1)!
  restforce (~> 3.1)!

RUBY VERSION
   ruby 2.6.5p114

BUNDLED WITH
   2.1.4
