GEM
  remote: https://rubygems.org/
  specs:
    faraday (0.15.4)
      multipart-post (>= 1.2, < 3)
    faraday_middleware (0.13.1)
      faraday (>= 0.7.4, < 1.0)
    hashie (3.6.0)
    json (2.2.0)
    multipart-post (2.0.0)
    redis (4.1.0)
    restforce (3.1.0)
      faraday (>= 0.9.0, <= 1.0)
      faraday_middleware (>= 0.8.8, <= 1.0)
      hashie (>= 1.2.0, < 4.0)
      json (>= 1.7.5)

PLATFORMS
  ruby

DEPENDENCIES
  redis (~> 4.1)!
  restforce (~> 3.1)!

RUBY VERSION
   ruby 2.6.3p62

BUNDLED WITH
   2.0.1
